PATH
  remote: ../knapsack
  specs:
    knapsack (4.0.0)
      rake

GEM
  remote: https://rubygems.org/
  specs:
    actioncable (6.1.5)
      actionpack (= 6.1.5)
      activesupport (= 6.1.5)
      nio4r (~> 2.0)
      websocket-driver (>= 0.6.1)
    actionmailbox (6.1.5)
      actionpack (= 6.1.5)
      activejob (= 6.1.5)
      activerecord (= 6.1.5)
      activestorage (= 6.1.5)
      activesupport (= 6.1.5)
      mail (>= 2.7.1)
    actionmailer (6.1.5)
      actionpack (= 6.1.5)
      actionview (= 6.1.5)
      activejob (= 6.1.5)
      activesupport (= 6.1.5)
      mail (~> 2.5, >= 2.5.4)
      rails-dom-testing (~> 2.0)
    actionpack (6.1.5)
      actionview (= 6.1.5)
      activesupport (= 6.1.5)
      rack (~> 2.0, >= 2.0.9)
      rack-test (>= 0.6.3)
      rails-dom-testing (~> 2.0)
      rails-html-sanitizer (~> 1.0, >= 1.2.0)
    actiontext (6.1.5)
      actionpack (= 6.1.5)
      activerecord (= 6.1.5)
      activestorage (= 6.1.5)
      activesupport (= 6.1.5)
      nokogiri (>= 1.8.5)
    actionview (6.1.5)
      activesupport (= 6.1.5)
      builder (~> 3.1)
      erubi (~> 1.4)
      rails-dom-testing (~> 2.0)
      rails-html-sanitizer (~> 1.1, >= 1.2.0)
    activejob (6.1.5)
      activesupport (= 6.1.5)
      globalid (>= 0.3.6)
    activemodel (6.1.5)
      activesupport (= 6.1.5)
    activerecord (6.1.5)
      activemodel (= 6.1.5)
      activesupport (= 6.1.5)
    activestorage (6.1.5)
      actionpack (= 6.1.5)
      activejob (= 6.1.5)
      activerecord (= 6.1.5)
      activesupport (= 6.1.5)
      marcel (~> 1.0)
      mini_mime (>= 1.1.0)
    activesupport (6.1.5)
      concurrent-ruby (~> 1.0, >= 1.0.2)
      i18n (>= 1.6, < 2)
      minitest (>= 5.1)
      tzinfo (~> 2.0)
      zeitwerk (~> 2.3)
    addressable (2.8.0)
      public_suffix (>= 2.0.2, < 5.0)
    async (2.0.1)
      console (~> 1.10)
      io-event (~> 1.0.0)
      timers (~> 4.1)
    async-io (1.33.0)
      async
    async-rspec (1.16.1)
      rspec (~> 3.0)
      rspec-files (~> 1.0)
      rspec-memory (~> 1.0)
    binding_of_caller (1.0.0)
      debug_inspector (>= 0.0.1)
    builder (3.2.4)
    byebug (11.1.3)
    capybara (3.36.0)
      addressable
      matrix
      mini_mime (>= 0.1.3)
      nokogiri (~> 1.8)
      rack (>= 1.6.0)
      rack-test (>= 0.6.3)
      regexp_parser (>= 1.5, < 3.0)
      xpath (~> 3.2)
    coderay (1.1.3)
    coffee-rails (5.0.0)
      coffee-script (>= 2.2.0)
      railties (>= 5.2.0)
    coffee-script (2.4.1)
      coffee-script-source
      execjs
    coffee-script-source (1.12.2)
    colorize (0.8.1)
    concurrent-ruby (1.1.10)
    console (1.15.0)
      fiber-local
    crass (1.0.6)
    cucumber (7.1.0)
      builder (~> 3.2, >= 3.2.4)
      cucumber-core (~> 10.1, >= 10.1.0)
      cucumber-create-meta (~> 6.0, >= 6.0.1)
      cucumber-cucumber-expressions (~> 14.0, >= 14.0.0)
      cucumber-gherkin (~> 22.0, >= 22.0.0)
      cucumber-html-formatter (~> 17.0, >= 17.0.0)
      cucumber-messages (~> 17.1, >= 17.1.1)
      cucumber-wire (~> 6.2, >= 6.2.0)
      diff-lcs (~> 1.4, >= 1.4.4)
      mime-types (~> 3.3, >= 3.3.1)
      multi_test (~> 0.1, >= 0.1.2)
      sys-uname (~> 1.2, >= 1.2.2)
    cucumber-core (10.1.1)
      cucumber-gherkin (~> 22.0, >= 22.0.0)
      cucumber-messages (~> 17.1, >= 17.1.1)
      cucumber-tag-expressions (~> 4.1, >= 4.1.0)
    cucumber-create-meta (6.0.4)
      cucumber-messages (~> 17.1, >= 17.1.1)
      sys-uname (~> 1.2, >= 1.2.2)
    cucumber-cucumber-expressions (14.0.0)
    cucumber-gherkin (22.0.0)
      cucumber-messages (~> 17.1, >= 17.1.1)
    cucumber-html-formatter (17.0.0)
      cucumber-messages (~> 17.1, >= 17.1.0)
    cucumber-messages (17.1.1)
    cucumber-rails (2.5.1)
      capybara (>= 2.18, < 4)
      cucumber (>= 3.2, < 8)
      mime-types (~> 3.3)
      nokogiri (~> 1.10)
      railties (>= 5.0, < 8)
      rexml (~> 3.0)
      webrick (~> 1.7)
    cucumber-tag-expressions (4.1.0)
    cucumber-wire (6.2.1)
      cucumber-core (~> 10.1, >= 10.1.0)
      cucumber-cucumber-expressions (~> 14.0, >= 14.0.0)
    database_cleaner (2.0.1)
      database_cleaner-active_record (~> 2.0.0)
    database_cleaner-active_record (2.0.1)
      activerecord (>= 5.a)
      database_cleaner-core (~> 2.0.0)
    database_cleaner-core (2.0.1)
    debug_inspector (1.1.0)
    diff-lcs (1.5.0)
    digest (3.1.0)
    erubi (1.10.0)
    execjs (2.8.1)
    ffi (1.15.5)
    fiber-local (1.0.0)
    gherkin-ruby (0.3.2)
    globalid (1.0.0)
      activesupport (>= 5.0)
    i18n (1.10.0)
      concurrent-ruby (~> 1.0)
    io-event (1.0.5)
    jbuilder (2.11.5)
      actionview (>= 5.0.0)
      activesupport (>= 5.0.0)
    jquery-rails (4.4.0)
      rails-dom-testing (>= 1, < 3)
      railties (>= 4.2.0)
      thor (>= 0.14, < 2.0)
    json (2.6.1)
    listen (3.7.1)
      rb-fsevent (~> 0.10, >= 0.10.3)
      rb-inotify (~> 0.9, >= 0.9.10)
    loofah (2.16.0)
      crass (~> 1.0.2)
      nokogiri (>= 1.5.9)
    mail (2.7.1)
      mini_mime (>= 0.1.1)
    marcel (1.0.2)
    matrix (0.4.2)
    method_source (1.0.0)
    mime-types (3.4.1)
      mime-types-data (~> 3.2015)
    mime-types-data (3.2022.0105)
    mini_mime (1.1.2)
    mini_portile2 (2.8.0)
    minitest (5.15.0)
    multi_test (0.1.2)
    net-imap (0.2.3)
      digest
      net-protocol
      strscan
    net-pop (0.1.1)
      digest
      net-protocol
      timeout
    net-protocol (0.1.3)
      timeout
    net-smtp (0.3.1)
      digest
      net-protocol
      timeout
    nio4r (2.5.8)
    nokogiri (1.13.4)
      mini_portile2 (~> 2.8.0)
      racc (~> 1.4)
    pry (0.14.1)
      coderay (~> 1.1)
      method_source (~> 1.0)
    public_suffix (4.0.7)
    racc (1.6.0)
    rack (2.2.3)
    rack-test (1.1.0)
      rack (>= 1.0, < 3)
    rails (6.1.5)
      actioncable (= 6.1.5)
      actionmailbox (= 6.1.5)
      actionmailer (= 6.1.5)
      actionpack (= 6.1.5)
      actiontext (= 6.1.5)
      actionview (= 6.1.5)
      activejob (= 6.1.5)
      activemodel (= 6.1.5)
      activerecord (= 6.1.5)
      activestorage (= 6.1.5)
      activesupport (= 6.1.5)
      bundler (>= 1.15.0)
      railties (= 6.1.5)
      sprockets-rails (>= 2.0.0)
    rails-controller-testing (1.0.5)
      actionpack (>= 5.0.1.rc1)
      actionview (>= 5.0.1.rc1)
      activesupport (>= 5.0.1.rc1)
    rails-dom-testing (2.0.3)
      activesupport (>= 4.2.0)
      nokogiri (>= 1.6)
    rails-html-sanitizer (1.4.2)
      loofah (~> 2.3)
    railties (6.1.5)
      actionpack (= 6.1.5)
      activesupport (= 6.1.5)
      method_source
      rake (>= 12.2)
      thor (~> 1.0)
    rake (13.0.6)
    rb-fsevent (0.11.1)
    rb-inotify (0.10.1)
      ffi (~> 1.0)
    regexp_parser (2.3.1)
    rexml (3.2.5)
    rspec (3.11.0)
      rspec-core (~> 3.11.0)
      rspec-expectations (~> 3.11.0)
      rspec-mocks (~> 3.11.0)
    rspec-core (3.11.0)
      rspec-support (~> 3.11.0)
    rspec-expectations (3.11.0)
      diff-lcs (>= 1.2.0, < 2.0)
      rspec-support (~> 3.11.0)
    rspec-files (1.1.1)
      rspec (~> 3.0)
    rspec-memory (1.0.3)
      rspec (~> 3.0)
    rspec-mocks (3.11.1)
      diff-lcs (>= 1.2.0, < 2.0)
      rspec-support (~> 3.11.0)
    rspec-rails (5.1.2)
      actionpack (>= 5.2)
      activesupport (>= 5.2)
      railties (>= 5.2)
      rspec-core (~> 3.10)
      rspec-expectations (~> 3.10)
      rspec-mocks (~> 3.10)
      rspec-support (~> 3.10)
    rspec-support (3.11.0)
    sass-rails (6.0.0)
      sassc-rails (~> 2.1, >= 2.1.1)
    sassc (2.4.0)
      ffi (~> 1.9)
    sassc-rails (2.1.2)
      railties (>= 4.0.0)
      sassc (>= 2.0)
      sprockets (> 3.0)
      sprockets-rails
      tilt
    spinach (0.11.0)
      colorize
      gherkin-ruby (>= 0.3.2)
      json
    spring (4.0.0)
    sprockets (4.0.3)
      concurrent-ruby (~> 1.0)
      rack (> 1, < 3)
    sprockets-rails (3.4.2)
      actionpack (>= 5.2)
      activesupport (>= 5.2)
      sprockets (>= 3.0.0)
    sqlite3 (1.4.2)
    strscan (3.0.1)
    sys-uname (1.2.2)
      ffi (~> 1.1)
    thor (1.2.1)
    tilt (2.0.10)
    timeout (0.2.0)
    timers (4.3.3)
    turbolinks (5.2.1)
      turbolinks-source (~> 5.2)
    turbolinks-source (5.2.0)
    tzinfo (2.0.4)
      concurrent-ruby (~> 1.0)
    uglifier (4.2.0)
      execjs (>= 0.3.0, < 3)
    web-console (2.3.0)
      activemodel (>= 4.0)
      binding_of_caller (>= 0.7.2)
      railties (>= 4.0)
      sprockets-rails (>= 2.0, < 4.0)
    webrick (1.7.0)
    websocket-driver (0.7.5)
      websocket-extensions (>= 0.1.0)
    websocket-extensions (0.1.5)
    xpath (3.2.0)
      nokogiri (~> 1.8)
    zeitwerk (2.5.4)

PLATFORMS
  ruby

DEPENDENCIES
  async
  async-io
  async-rspec
  byebug
  coffee-rails
  cucumber-rails
  database_cleaner
  jbuilder (~> 2.0)
  jquery-rails
  knapsack!
  listen
  net-imap
  net-pop
  net-smtp
  pry
  rails (~> 6.1.5)
  rails-controller-testing
  rspec-rails
  sass-rails (~> 6.0)
  spinach
  spring
  sqlite3
  turbolinks
  uglifier (>= 1.3.0)
  web-console (~> 2.0)

BUNDLED WITH
   2.3.12
